GEM
  remote: https://rubygems.org/
  specs:
    mini_magick (4.12.0)

PLATFORMS
  arm64-darwin-22

DEPENDENCIES
  mini_magick

BUNDLED WITH
   2.4.10
